GIT
  remote: git://github.com/blambeau/grit.git
  revision: 099fed8c32ffe910836abbabc9a6997de55e5783
  specs:
    grit (2.4.1)
      diff-lcs (~> 1.1)
      mime-types (~> 1.15)
      posix-spawn (~> 0.3.6)

GIT
  remote: git://github.com/blambeau/polygon.git
  revision: 68b979da3cd91599df4b609ab3c9b8bac6808fe5
  specs:
    polygon (0.0.1)
      epath (~> 0.2.0)
      json
      sinatra (~> 1.3.1)
      wlang (~> 0.10.2)

GIT
  remote: git://github.com/blambeau/websync.git
  revision: 12b5c925e0f7d380415b700f2c715bd3e58eb47d
  specs:
    websync (0.0.1)
      grit (~> 2.4.1)

GEM
  remote: http://rubygems.org/
  specs:
    addressable (2.2.8)
    albino (1.3.3)
      posix-spawn (>= 0.3.6)
    daemons (1.1.8)
    diff-lcs (1.1.3)
    epath (0.2.0)
    eventmachine (1.0.0.beta.4)
    http (0.0.2)
    i18n (0.6.0)
    json (1.7.3)
    launchy (2.0.5)
      addressable (~> 2.2.6)
    mail (2.3.3)
      i18n (>= 0.4.0)
      mime-types (~> 1.16)
      treetop (~> 1.4.8)
    mime-types (1.18)
    polyglot (0.3.3)
    posix-spawn (0.3.6)
    quickl (0.4.3)
    rack (1.4.1)
    rack-protection (1.2.0)
      rack
    rack-test (0.6.1)
      rack (>= 1.0)
    rake (0.9.2.2)
    redcarpet (2.0.1)
    sinatra (1.3.2)
      rack (~> 1.3, >= 1.3.6)
      rack-protection (~> 1.2)
      tilt (~> 1.3, >= 1.3.3)
    thin (1.3.1)
      daemons (>= 1.0.9)
      eventmachine (>= 0.12.6)
      rack (>= 1.0.0)
    tilt (1.3.3)
    treetop (1.4.10)
      polyglot
      polyglot (>= 0.3.1)
    wlang (0.10.2)

PLATFORMS
  ruby

DEPENDENCIES
  albino (~> 1.3.3)
  epath (~> 0.2.0)
  eventmachine (~> 1.0.0.beta.4)
  grit!
  http (~> 0.0.1)
  json
  launchy (~> 2.0.5)
  mail (~> 2.3.0)
  polygon!
  quickl (~> 0.4.2)
  rack-test (~> 0.6.1)
  rake (~> 0.9.2)
  redcarpet (~> 2.0.1)
  sinatra (~> 1.3.0)
  thin (~> 1.3.1)
  websync!
  wlang (~> 0.10.2)
