GEM
  remote: http://rubygems.org/
  specs:
    albino (1.3.3)
      posix-spawn (>= 0.3.6)
    concurrent-ruby (1.0.5)
    epath (0.2.0)
    i18n (1.0.0)
      concurrent-ruby (~> 1.0)
    json (2.1.0)
    mail (2.3.3)
      i18n (>= 0.4.0)
      mime-types (~> 1.16)
      treetop (~> 1.4.8)
    mime-types (1.25.1)
    minitest (5.11.3)
    path (2.0.1)
    polyglot (0.3.5)
    polygon (0.0.3)
      epath (~> 0.2.0)
      json
      sinatra (~> 1.3)
      wlang (~> 0.10.2)
    posix-spawn (0.3.13)
    rack (1.6.9)
    rack-protection (1.5.5)
      rack
    rack-test (0.6.3)
      rack (>= 1.0)
    rake (12.3.0)
    redcarpet (2.0.1)
    sinatra (1.3.6)
      rack (~> 1.4)
      rack-protection (~> 1.3)
      tilt (~> 1.3, >= 1.3.3)
    tilt (1.4.1)
    treetop (1.4.15)
      polyglot
      polyglot (>= 0.3.1)
    wlang (0.10.2)

PLATFORMS
  ruby

DEPENDENCIES
  albino (~> 1.3.3)
  mail (~> 2.3.0)
  minitest
  path (~> 2.0)
  polygon (~> 0.0.3)
  rack-test (~> 0.6.1)
  rake
  redcarpet (~> 2.0.1)
  sinatra (~> 1.3.0)
  wlang (~> 0.10.2)

BUNDLED WITH
   1.16.0
